GEM
  remote: https://rubygems.org/
  specs:
    connection_pool (2.5.3)
    date (3.4.1)
    dotenv (3.1.8)
    json (2.9.1)
    logger (1.6.4)
    mail (2.8.1)
      mini_mime (>= 0.1.1)
      net-imap
      net-pop
      net-smtp
    mini_mime (1.1.5)
    net-imap (0.5.8)
      date
      net-protocol
    net-pop (0.1.2)
      net-protocol
    net-protocol (0.2.2)
      timeout
    net-smtp (0.5.1)
      net-protocol
    rack (3.2.0)
    redis-client (0.25.1)
      connection_pool
    sidekiq (8.0.6)
      connection_pool (>= 2.5.0)
      json (>= 2.9.0)
      logger (>= 1.6.2)
      rack (>= 3.1.0)
      redis-client (>= 0.23.2)
    timeout (0.4.3)

PLATFORMS
  x64-mingw-ucrt

DEPENDENCIES
  dotenv
  mail
  sidekiq

BUNDLED WITH
   2.6.9
